GEM
  remote: https://rubygems.org/
  specs:
    actionmailer (3.2.10)
      actionpack (= 3.2.10)
      mail (~> 2.4.4)
    actionpack (3.2.10)
      activemodel (= 3.2.10)
      activesupport (= 3.2.10)
      builder (~> 3.0.0)
      erubis (~> 2.7.0)
      journey (~> 1.0.4)
      rack (~> 1.4.0)
      rack-cache (~> 1.2)
      rack-test (~> 0.6.1)
      sprockets (~> 2.2.1)
    activemodel (3.2.10)
      activesupport (= 3.2.10)
      builder (~> 3.0.0)
    activerecord (3.2.10)
      activemodel (= 3.2.10)
      activesupport (= 3.2.10)
      arel (~> 3.0.2)
      tzinfo (~> 0.3.29)
    activeresource (3.2.10)
      activemodel (= 3.2.10)
      activesupport (= 3.2.10)
    activesupport (3.2.10)
      i18n (~> 0.6)
      multi_json (~> 1.0)
    arel (3.0.2)
    attr_required (0.0.5)
    builder (3.0.4)
    coffee-rails (3.2.2)
      coffee-script (>= 2.2.0)
      railties (~> 3.2.0)
    coffee-script (2.4.1)
      coffee-script-source
      execjs
    coffee-script-source (1.9.1.1)
    domain_name (0.5.24)
      unf (>= 0.0.5, < 1.0.0)
    erubis (2.7.0)
    execjs (2.5.2)
    faraday (0.8.8)
      multipart-post (~> 1.2.0)
    hashie (2.0.5)
    hike (1.2.3)
    http-cookie (1.0.2)
      domain_name (~> 0.5)
    i18n (0.7.0)
    journey (1.0.4)
    jquery-rails (2.2.1)
      railties (>= 3.0, < 5.0)
      thor (>= 0.14, < 2.0)
    json (1.8.2)
    mail (2.4.4)
      i18n (>= 0.4.0)
      mime-types (~> 1.16)
      treetop (~> 1.4.8)
    mime-types (1.24)
    multi_json (1.11.0)
    multipart-post (1.2.0)
    netrc (0.10.3)
    oauth (0.4.7)
    omniauth (1.1.4)
      hashie (>= 1.2, < 3)
      rack
    omniauth-oauth (1.0.1)
      oauth
      omniauth (~> 1.0)
    omniauth-twitter (1.0.0)
      multi_json (~> 1.3)
      omniauth-oauth (~> 1.0)
    paypal-express (0.5.3)
      activesupport (>= 2.3)
      attr_required (>= 0.0.5)
      i18n
      restclient_with_cert
    pg (0.18.1)
    polyglot (0.3.3)
    rack (1.4.5)
    rack-cache (1.2)
      rack (>= 0.4)
    rack-ssl (1.3.3)
      rack
    rack-test (0.6.3)
      rack (>= 1.0)
    rails (3.2.10)
      actionmailer (= 3.2.10)
      actionpack (= 3.2.10)
      activerecord (= 3.2.10)
      activeresource (= 3.2.10)
      activesupport (= 3.2.10)
      bundler (~> 1.0)
      railties (= 3.2.10)
    rails_12factor (0.0.3)
      rails_serve_static_assets
      rails_stdout_logging
    rails_serve_static_assets (0.0.4)
    rails_stdout_logging (0.0.3)
    railties (3.2.10)
      actionpack (= 3.2.10)
      activesupport (= 3.2.10)
      rack-ssl (~> 1.3.2)
      rake (>= 0.8.7)
      rdoc (~> 3.4)
      thor (>= 0.14.6, < 2.0)
    rake (10.4.2)
    rdoc (3.12.2)
      json (~> 1.4)
    rest-client (1.8.0)
      http-cookie (>= 1.0.2, < 2.0)
      mime-types (>= 1.16, < 3.0)
      netrc (~> 0.7)
    restclient_with_cert (0.0.8)
      rest-client (>= 1.6)
    sass (3.4.13)
    sass-rails (3.2.6)
      railties (~> 3.2.0)
      sass (>= 3.1.10)
      tilt (~> 1.3)
    simple_oauth (0.2.0)
    sprockets (2.2.2)
      hike (~> 1.2)
      multi_json (~> 1.0)
      rack (~> 1.0)
      tilt (~> 1.1, != 1.3.0)
    sqlite3 (1.3.10)
    thor (0.19.1)
    tilt (1.4.1)
    treetop (1.4.15)
      polyglot
      polyglot (>= 0.3.1)
    twitter (4.8.1)
      faraday (~> 0.8, < 0.10)
      multi_json (~> 1.0)
      simple_oauth (~> 0.2)
    tzinfo (0.3.37)
    uglifier (2.7.1)
      execjs (>= 0.3.0)
      json (>= 1.8.0)
    unf (0.1.4)
      unf_ext
    unf_ext (0.0.7.1)

PLATFORMS
  ruby

DEPENDENCIES
  coffee-rails (~> 3.2.1)
  jquery-rails
  omniauth-twitter
  paypal-express
  pg
  rails (= 3.2.10)
  rails_12factor
  sass-rails (~> 3.2.3)
  sqlite3
  twitter
  uglifier (>= 1.0.3)
